PATH
  remote: .
  specs:
    scorched-accept (0.1)
      parslet (~> 1.7)

GEM
  remote: https://rubygems.org/
  specs:
    blankslate (3.1.3)
    maxitest (1.4.1)
      minitest (>= 5.0.0, < 5.6.0)
    minitest (5.5.1)
    parslet (1.7.0)
      blankslate (>= 2.0, <= 4.0)
    rack (1.6.0)
    rack-test (0.6.3)
      rack (>= 1.0)

PLATFORMS
  ruby

DEPENDENCIES
  maxitest (~> 1.4)
  rack-test (~> 0.6)
  scorched-accept!
